NUGET
  remote: https://www.nuget.org/api/v2
    Argu (3.1)
    FAKE (4.31.1)
    FsPickler (2.3)
    ILRepack (2.0.10)
